GEM
  remote: http://rubygems.org/
  specs:
    kgio (2.7.4)
    rack (1.4.1)
    raindrops (0.9.0)
    unicorn (4.3.1)
      kgio (~> 2.6)
      rack
      raindrops (~> 0.7)

PLATFORMS
  ruby
  x86-mingw32

DEPENDENCIES
  rack
  unicorn
